PATH
  remote: .
  specs:
    pitchfork (0.14.0)
      rack (>= 2.0)

GEM
  remote: https://rubygems.org/
  specs:
    minitest (5.22.2)
    nio4r (2.7.0)
    puma (6.4.2)
      nio4r (~> 2.0)
    rack (3.0.11)
    rake (13.0.6)
    rake-compiler (1.2.1)
      rake

PLATFORMS
  aarch64-linux
  arm64-darwin
  x86_64-linux

DEPENDENCIES
  minitest
  pitchfork!
  puma
  rake
  rake-compiler

BUNDLED WITH
   2.3.27
